GEM
  remote: https://rubygems.org/
  specs:
    minitest (5.16.1)

PLATFORMS
  arm64-darwin-20

DEPENDENCIES
  minitest

BUNDLED WITH
   2.2.9
